PATH
  remote: .
  specs:
    rack-ssl-enforcer (0.2.0)

GEM
  remote: http://rubygems.org/
  specs:
    configuration (1.1.0)
    guard (0.2.2)
      open_gem (~> 1.4.2)
      thor (~> 0.14.3)
    guard-bundler (0.1.1)
      guard (>= 0.2.2)
    guard-test (0.1.3)
      guard (>= 0.2)
    launchy (0.3.7)
      configuration (>= 0.0.5)
      rake (>= 0.8.1)
    open_gem (1.4.2)
      launchy (~> 0.3.5)
    rack (1.2.1)
    rack-test (0.5.6)
      rack (>= 1.0)
    rake (0.8.7)
    shoulda (2.11.3)
    test-unit (2.1.1)
    thor (0.14.4)

PLATFORMS
  ruby

DEPENDENCIES
  bundler (~> 1.0.5)
  guard (>= 0.2.1)
  guard-bundler
  guard-test (~> 0.1.3)
  rack (~> 1.2.0)
  rack-ssl-enforcer!
  rack-test (~> 0.5.4)
  shoulda (~> 2.11.3)
  test-unit (~> 2.1.1)
